GEM
  remote: https://rubygems.org/
  specs:
    activesupport (4.1.7)
      i18n (~> 0.6, >= 0.6.9)
      json (~> 1.7, >= 1.7.7)
      minitest (~> 5.1)
      thread_safe (~> 0.1)
      tzinfo (~> 1.1)
    concurrent-ruby (0.7.0)
    concurrent-ruby (0.7.0-java)
    connection_pool (2.0.0)
    diff-lcs (1.2.5)
    i18n (0.6.11)
    jdbc-mysql (5.1.33)
    jdbc-postgres (9.3.1102)
    jdbc-sqlite3 (3.7.2.1)
    json (1.8.1)
    json (1.8.1-java)
    minitest (5.4.3)
    mysql2 (0.3.17)
    pg (0.17.1)
    rspec (3.1.0)
      rspec-core (~> 3.1.0)
      rspec-expectations (~> 3.1.0)
      rspec-mocks (~> 3.1.0)
    rspec-collection_matchers (1.1.2)
      rspec-expectations (>= 2.99.0.beta1)
    rspec-core (3.1.7)
      rspec-support (~> 3.1.0)
    rspec-expectations (3.1.2)
      diff-lcs (>= 1.2.0, < 2.0)
      rspec-support (~> 3.1.0)
    rspec-mocks (3.1.3)
      rspec-support (~> 3.1.0)
    rspec-support (3.1.2)
    sequel (4.16.0)
    sqlite3 (1.3.10)
    thread_safe (0.3.4)
    thread_safe (0.3.4-java)
    tzinfo (1.2.2)
      thread_safe (~> 0.1)

PLATFORMS
  java
  ruby

DEPENDENCIES
  activesupport (= 4.1.7)
  concurrent-ruby (= 0.7.0)
  connection_pool (= 2.0.0)
  jdbc-mysql (= 5.1.33)
  jdbc-postgres (= 9.3.1102)
  jdbc-sqlite3 (= 3.7.2.1)
  mysql2 (= 0.3.17)
  pg (= 0.17.1)
  rspec (= 3.1.0)
  rspec-collection_matchers (= 1.1.2)
  sequel (= 4.16.0)
  sqlite3 (= 1.3.10)
